GEM
  remote: https://rubygems.org/
  specs:
    parslet (2.0.0)
    pastel (0.8.0)
      tty-color (~> 0.5)
    rake (13.1.0)
    thor (1.3.0)
    tty-color (0.6.0)
    vim-flavor (4.0.2)
      parslet (>= 1.8, < 3.0)
      pastel (~> 0.7)
      thor (>= 0.20, < 2.0)

PLATFORMS
  ruby

DEPENDENCIES
  rake
  vim-flavor

BUNDLED WITH
   2.4.22
